GEM
  remote: https://rubygems.org/
  specs:
    daemons (1.1.9)
    rake (10.1.0)

PLATFORMS
  ruby

DEPENDENCIES
  daemons
  rake (~> 10.1.0)
