GIT
  remote: git://github.com/mgarriott/notifier.git
  revision: 847568b469a781b32fb0184076a2f1e0eeb4634a
  specs:
    notifier (0.0.1)

GEM
  remote: https://rubygems.org/
  specs:
    daemons (1.1.9)
    diff-lcs (1.2.5)
    rake (10.1.0)
    rspec (2.14.1)
      rspec-core (~> 2.14.0)
      rspec-expectations (~> 2.14.0)
      rspec-mocks (~> 2.14.0)
    rspec-core (2.14.7)
    rspec-expectations (2.14.4)
      diff-lcs (>= 1.1.3, < 2.0)
    rspec-mocks (2.14.4)

PLATFORMS
  ruby

DEPENDENCIES
  daemons
  notifier!
  rake (~> 10.1.0)
  rspec
